GEM
  remote: https://rubygems.org/
  specs:
    awesome_print (1.8.0)
    power_assert (2.0.0)
    test-unit (3.3.9)
      power_assert

PLATFORMS
  ruby

DEPENDENCIES
  awesome_print
  test-unit

BUNDLED WITH
   2.1.4
